PATH
  remote: .
  specs:
    ruby-brightpearl (0.6.0)
      httparty (~> 0.20)

GEM
  remote: https://rubygems.org/
  specs:
    addressable (2.8.0)
      public_suffix (>= 2.0.2, < 5.0)
    base64 (0.3.0)
    bigdecimal (3.2.2)
    byebug (11.1.3)
    coderay (1.1.3)
    crack (0.4.5)
      rexml
    csv (3.3.5)
    diff-lcs (1.5.0)
    dotenv (3.1.8)
    hashdiff (1.0.1)
    httparty (0.23.1)
      csv
      mini_mime (>= 1.0.0)
      multi_xml (>= 0.5.2)
    method_source (1.1.0)
    mini_mime (1.1.5)
    multi_xml (0.7.2)
      bigdecimal (~> 3.1)
    pry (0.15.2)
      coderay (~> 1.1)
      method_source (~> 1.0)
    public_suffix (4.0.6)
    rake (13.0.6)
    rexml (3.2.5)
    rspec (3.10.0)
      rspec-core (~> 3.10.0)
      rspec-expectations (~> 3.10.0)
      rspec-mocks (~> 3.10.0)
    rspec-core (3.10.1)
      rspec-support (~> 3.10.0)
    rspec-expectations (3.10.2)
      diff-lcs (>= 1.2.0, < 2.0)
      rspec-support (~> 3.10.0)
    rspec-mocks (3.10.2)
      diff-lcs (>= 1.2.0, < 2.0)
      rspec-support (~> 3.10.0)
    rspec-support (3.10.3)
    vcr (6.3.1)
      base64
    webmock (3.14.0)
      addressable (>= 2.8.0)
      crack (>= 0.3.2)
      hashdiff (>= 0.4.0, < 2.0.0)

PLATFORMS
  x86_64-linux

DEPENDENCIES
  byebug
  dotenv
  pry
  rake (~> 13.0)
  rspec (~> 3.0)
  ruby-brightpearl!
  vcr (~> 6.3.1)
  webmock

BUNDLED WITH
   2.3.4
